GEM
  remote: http://rubygems.org/
  specs:
    patron (0.4.11)
    trollop (1.16.2)

PLATFORMS
  ruby

DEPENDENCIES
  patron
  trollop
